GEM
  remote: http://rubygems.org/
  specs:
    activesupport (3.2.8)
      i18n (~> 0.6)
      multi_json (~> 1.0)
    blankslate (3.1.2)
    ffi (1.0.11)
    i18n (0.6.1)
    multi_json (1.3.6)
    pygments.rb (0.2.13)
      rubypython (~> 0.5.3)
    rubypython (0.5.3)
      blankslate (>= 2.1.2.3)
      ffi (~> 1.0.7)

PLATFORMS
  ruby

DEPENDENCIES
  activesupport (~> 3.2)
  pygments.rb (~> 0.2)
